GEM
  remote: https://rubygems.org/
  specs:
    hpricot (0.8.6)
    mini_portile2 (2.4.0)
    nokogiri (1.10.4)
      mini_portile2 (~> 2.4.0)

PLATFORMS
  ruby

DEPENDENCIES
  hpricot
  nokogiri
