GEM
  remote: https://rubygems.org/
  specs:
    hpricot (0.8.6)
    mini_portile2 (2.5.1)
    nokogiri (1.11.4)
      mini_portile2 (~> 2.5.0)
      racc (~> 1.4)
    racc (1.5.2)

PLATFORMS
  ruby

DEPENDENCIES
  hpricot
  nokogiri
