GEM
  remote: https://rubygems.org/
  specs:
    hpricot (0.8.6)
    mini_portile2 (2.8.0)
    nokogiri (1.13.6)
      mini_portile2 (~> 2.8.0)
      racc (~> 1.4)
    racc (1.6.0)

PLATFORMS
  ruby

DEPENDENCIES
  hpricot
  nokogiri
